GEM
  remote: http://rubygems.org/
  specs:
    amq-protocol (1.9.2)
    bunny (1.7.0)
      amq-protocol (>= 1.9.2)

PLATFORMS
  x86-mingw32

DEPENDENCIES
  bunny (~> 1.7.0)
